GIT
  remote: https://github.com/cloudwalkio/da_funk.git
  revision: 4235c56f38d2be3b80ae12c9d0b93cffd4efb714
  specs:
    da_funk (0.4.12)
      bundler (~> 1.7)
      cloudwalk_handshake (~> 0.4)
      rake (~> 10.4)
      yard (~> 0.8)

GIT
  remote: https://github.com/scalone/walk-simplehttp-poc.git
  revision: 5b1e7813e9b5653d3005f799a1a4bd3871596dd9
  specs:
    simplehttp (0.4.1)

GEM
  remote: https://rubygems.org/
  specs:
    cloudwalk_handshake (0.4.3)
    rake (10.4.2)
    yard (0.8.7.6)

PLATFORMS
  ruby

DEPENDENCIES
  da_funk!
  rake
  simplehttp!
